GEM
  remote: http://rubygems.org/
  specs:
    maruku (0.6.1)
      syntax (>= 1.0.0)
    syntax (1.0.0)

PLATFORMS
  ruby

DEPENDENCIES
  maruku
